PATH
  remote: .
  specs:
    elo_rating_system (1.0.0)

GEM
  remote: https://rubygems.org/
  specs:
    aw (0.1.1)
    defi (1.1.3)
    fix (0.17.1)
      aw (~> 0.1.1)
      defi (~> 1.1.3)
      spectus (~> 3.0.6)
    matchi (1.0.2)
    rake (12.3.1)
    spectus (3.0.6)
      aw (~> 0.1.1)
      defi (~> 1.1.1)
      matchi (~> 1.0.2)

PLATFORMS
  ruby

DEPENDENCIES
  bundler (~> 1.16)
  elo_rating_system!
  fix (~> 0.17)
  rake (~> 12.3)

BUNDLED WITH
   1.16.1
